PATH
  remote: .
  specs:
    podrick (0.0.2)
      faraday (~> 0.8.5)
      nokogiri (~> 1.5.6)

GEM
  remote: http://rubygems.org/
  specs:
    addressable (2.3.5)
    coderay (1.0.9)
    crack (0.4.1)
      safe_yaml (~> 0.9.0)
    faraday (0.8.8)
      multipart-post (~> 1.2.0)
    method_source (0.8.2)
    minitest (4.7.5)
    multipart-post (1.2.0)
    nokogiri (1.5.10)
    pry (0.9.12.2)
      coderay (~> 1.0.5)
      method_source (~> 0.8)
      slop (~> 3.4)
    safe_yaml (0.9.5)
    slop (3.4.6)
    webmock (1.13.0)
      addressable (>= 2.2.7)
      crack (>= 0.3.2)

PLATFORMS
  ruby

DEPENDENCIES
  minitest (~> 4)
  podrick!
  pry
  webmock (~> 1.9)
