PATH
  remote: .
  specs:
    castpod (0.0.1)
      faraday (~> 0.8.5)

GEM
  remote: http://rubygems.org/
  specs:
    addressable (2.3.2)
    coderay (1.0.8)
    crack (0.3.2)
    faraday (0.8.5)
      multipart-post (~> 1.1)
    method_source (0.8.1)
    minitest (4.6.0)
    multipart-post (1.1.5)
    pry (0.9.12)
      coderay (~> 1.0.5)
      method_source (~> 0.8)
      slop (~> 3.4)
    slop (3.4.3)
    webmock (1.9.0)
      addressable (>= 2.2.7)
      crack (>= 0.1.7)

PLATFORMS
  ruby

DEPENDENCIES
  castpod!
  minitest (~> 4)
  pry
  webmock (~> 1.9)
